GEM
  remote: http://rubygems.org/
  remote: http://gem.entp.com/
  specs:
    abstract (1.0.0)
    actionpack (3.0.12)
      activemodel (= 3.0.12)
      activesupport (= 3.0.12)
      builder (~> 2.1.2)
      erubis (~> 2.6.6)
      i18n (~> 0.5.0)
      rack (~> 1.2.5)
      rack-mount (~> 0.6.14)
      rack-test (~> 0.5.7)
      tzinfo (~> 0.3.23)
    activemodel (3.0.12)
      activesupport (= 3.0.12)
      builder (~> 2.1.2)
      i18n (~> 0.5.0)
    activerecord (3.0.12)
      activemodel (= 3.0.12)
      activesupport (= 3.0.12)
      arel (~> 2.0.10)
      tzinfo (~> 0.3.23)
    activesupport (3.0.12)
    arel (2.0.10)
    builder (2.1.2)
    context (0.5.5)
    erubis (2.6.6)
      abstract (>= 1.0.0)
    ffi (1.0.10)
    i18n (0.5.0)
    matchy (0.4.0)
    rack (1.2.5)
    rack-mount (0.6.14)
      rack (>= 1.0.0)
    rack-test (0.5.7)
      rack (>= 1.0)
    rake (0.9.2)
    rdiscount (1.6.8)
    tidy_ffi (0.1.3)
      ffi (>= 0.3.5)
    tzinfo (0.3.32)

PLATFORMS
  ruby

DEPENDENCIES
  actionpack (~> 3.0.0)
  activerecord (~> 3.0.0)
  activesupport (~> 3.0.0)
  context (= 0.5.5)
  matchy (~> 0.4.0)
  rake
  rdiscount (~> 1.6.5)
  tidy_ffi (~> 0.1.2)
