GEM
  remote: http://rubygems.org/
  remote: http://gem.entp.com/
  specs:
    actionpack (2.3.15)
      activesupport (= 2.3.15)
      rack (~> 1.1.0)
    activerecord (2.3.15)
      activesupport (= 2.3.15)
    activesupport (2.3.15)
    context (0.5.5)
    ffi (1.2.1)
    matchy (0.4.0)
    rack (1.1.2)
    rake (0.9.2)
    redcarpet (2.2.2)
    tidy_ffi (0.1.5)
      ffi (~> 1.2.0)

PLATFORMS
  ruby

DEPENDENCIES
  actionpack (~> 2.3.15)
  activerecord (~> 2.3.15)
  activesupport (~> 2.3.15)
  context (= 0.5.5)
  matchy (~> 0.4.0)
  rake
  redcarpet (~> 2.2)
  tidy_ffi (~> 0.1)
