GIT
  remote: https://github.com/courtenay/tidy_ffi.git
  revision: 5d6f7281f9db0e8175810bb6433a8bd6aa5d1bb7
  specs:
    tidy_ffi (0.1.5)
      ffi (~> 1.2.0)

GEM
  remote: https://rubygems.org/
  specs:
    actionpack (2.3.18)
      activesupport (= 2.3.18)
      rack (~> 1.1.0)
    activerecord (2.3.18)
      activesupport (= 2.3.18)
    activesupport (2.3.18)
    archive-tar-minitar (0.5.2)
    columnize (0.3.6)
    context (0.5.5)
    ffi (1.2.1)
    linecache (0.46)
      rbx-require-relative (> 0.0.4)
    linecache19 (0.5.12)
      ruby_core_source (>= 0.1.4)
    rack (1.1.5)
    rake (0.9.2)
    rbx-require-relative (0.0.9)
    redcarpet (2.2.2)
    ruby-debug (0.10.4)
      columnize (>= 0.1)
      ruby-debug-base (~> 0.10.4.0)
    ruby-debug-base (0.10.4)
      linecache (>= 0.3)
    ruby-debug-base19 (0.11.25)
      columnize (>= 0.3.1)
      linecache19 (>= 0.5.11)
      ruby_core_source (>= 0.1.4)
    ruby-debug19 (0.11.6)
      columnize (>= 0.3.1)
      linecache19 (>= 0.5.11)
      ruby-debug-base19 (>= 0.11.19)
    ruby_core_source (0.1.5)
      archive-tar-minitar (>= 0.5.2)

PLATFORMS
  ruby

DEPENDENCIES
  actionpack (~> 2.3)
  activerecord (~> 2.3)
  activesupport (~> 2.3)
  context (= 0.5.5)
  rack (~> 1)
  rake
  redcarpet (~> 2.2)
  ruby-debug
  ruby-debug19
  tidy_ffi!
