GEM
  remote: http://rubygems.org/
  remote: http://gem.entp.com/
  specs:
    actionpack (2.3.18)
      activesupport (= 2.3.18)
      rack (~> 1.1.0)
    activerecord (2.3.18)
      activesupport (= 2.3.18)
    activesupport (2.3.18)
    columnize (0.3.6)
    context (0.5.5)
    ffi (1.2.1)
    linecache (0.46)
      rbx-require-relative (> 0.0.4)
    matchy (0.4.0)
    rack (1.1.5)
    rake (0.9.2)
    rbx-require-relative (0.0.9)
    redcarpet (2.2.2)
    ruby-debug (0.10.4)
      columnize (>= 0.1)
      ruby-debug-base (~> 0.10.4.0)
    ruby-debug-base (0.10.4)
      linecache (>= 0.3)
    tidy_ffi (0.1.5)
      ffi (~> 1.2.0)

PLATFORMS
  ruby

DEPENDENCIES
  actionpack (~> 2.3.18)
  activerecord (~> 2.3.18)
  activesupport (~> 2.3.18)
  context (= 0.5.5)
  matchy (~> 0.4.0)
  rack (~> 1.1.3)
  rake
  redcarpet (~> 2.2)
  ruby-debug
  tidy_ffi (~> 0.1)
