GEM
  remote: http://rubygems.org/
  remote: http://gem.entp.com/
  specs:
    actionpack (3.2.15)
      activemodel (= 3.2.15)
      activesupport (= 3.2.15)
      builder (~> 3.0.0)
      erubis (~> 2.7.0)
      journey (~> 1.0.4)
      rack (~> 1.4.5)
      rack-cache (~> 1.2)
      rack-test (~> 0.6.1)
      sprockets (~> 2.2.1)
    activemodel (3.2.15)
      activesupport (= 3.2.15)
      builder (~> 3.0.0)
    activerecord (3.2.15)
      activemodel (= 3.2.15)
      activesupport (= 3.2.15)
      arel (~> 3.0.2)
      tzinfo (~> 0.3.29)
    activesupport (3.2.15)
      i18n (~> 0.6, >= 0.6.4)
      multi_json (~> 1.0)
    arel (3.0.2)
    builder (3.0.4)
    context (0.5.5)
    erubis (2.7.0)
    ffi (1.0.10)
    hike (1.2.3)
    i18n (0.6.5)
    journey (1.0.4)
    matchy (0.4.0)
    multi_json (1.8.2)
    rack (1.4.5)
    rack-cache (1.2)
      rack (>= 0.4)
    rack-test (0.6.2)
      rack (>= 1.0)
    rake (0.9.2)
    redcarpet (2.2.2)
    sprockets (2.2.2)
      hike (~> 1.2)
      multi_json (~> 1.0)
      rack (~> 1.0)
      tilt (~> 1.1, != 1.3.0)
    tidy_ffi (0.1.3)
      ffi (>= 0.3.5)
    tilt (1.4.1)
    tzinfo (0.3.38)

PLATFORMS
  ruby

DEPENDENCIES
  actionpack (~> 3.2)
  activerecord (~> 3.2)
  activesupport (~> 3.2)
  context (= 0.5.5)
  matchy (~> 0.4.0)
  rake
  redcarpet (~> 2.2)
  tidy_ffi (~> 0.1.2)
