GEM
  remote: http://rubygems.org/
  remote: http://gem.entp.com/
  specs:
    actionpack (2.3.14)
      activesupport (= 2.3.14)
      rack (~> 1.1.0)
    activerecord (2.3.14)
      activesupport (= 2.3.14)
    activesupport (2.3.14)
    context (0.5.5)
    ffi (1.0.10)
    matchy (0.4.0)
    rack (1.1.2)
    rake (0.9.2)
    rdiscount (1.6.8)
    tidy_ffi (0.1.3)
      ffi (>= 0.3.5)

PLATFORMS
  ruby

DEPENDENCIES
  actionpack (~> 2.3.9)
  activerecord (~> 2.3.9)
  activesupport (~> 2.3.9)
  context (= 0.5.5)
  matchy (~> 0.4.0)
  rake
  rdiscount (~> 1.6.5)
  tidy_ffi (~> 0.1.2)
